GIT
  remote: git://github.com/EppO/rolify.git
  revision: 45de8cf4bf51e60accddee3385829a2266709cb0
  specs:
    rolify (3.3.0.rc5)

GIT
  remote: https://github.com/NoamB/sorcery.git
  revision: 212d32467ff18247c01128c32ad8c3a6cd749717
  specs:
    sorcery (0.8.5)
      bcrypt-ruby (>= 3.0)
      oauth (~> 0.4.4)
      oauth2 (>= 0.8.0, < 1.0.0)

GIT
  remote: https://github.com/heroku/rails3_serve_static_assets
  revision: 84910ceb4ca2851d650e66d3b22f5008acf253f8
  specs:
    rails3_serve_static_assets (0.0.1)

GIT
  remote: https://github.com/heroku/rails_log_stdout
  revision: 01b5bcc572e3baed1618f4068920dd83bd491fb2
  specs:
    rails_log_stdout (0.0.1)

GIT
  remote: https://github.com/plataformatec/simple_form.git
  revision: 9d964b8b565e3bb6fe21e73ae0b8f06d8d297fd1
  specs:
    simple_form (3.0.0)
      actionpack (>= 4.0.0, < 4.1)
      activemodel (>= 4.0.0, < 4.1)

GIT
  remote: https://github.com/ryanb/letter_opener
  revision: bbb3ea811d6e36f93f12d4e99a714791f701ca7b
  specs:
    letter_opener (1.1.2)
      launchy (~> 2.2)

GIT
  remote: https://github.com/ryanb/nested_form.git
  revision: 35a2cf060680280413880337a3f89bdec469301c
  specs:
    nested_form (0.3.2)

GEM
  remote: https://rubygems.org/
  specs:
    actionmailer (4.0.0)
      actionpack (= 4.0.0)
      mail (~> 2.5.3)
    actionpack (4.0.0)
      activesupport (= 4.0.0)
      builder (~> 3.1.0)
      erubis (~> 2.7.0)
      rack (~> 1.5.2)
      rack-test (~> 0.6.2)
    activemodel (4.0.0)
      activesupport (= 4.0.0)
      builder (~> 3.1.0)
    activerecord (4.0.0)
      activemodel (= 4.0.0)
      activerecord-deprecated_finders (~> 1.0.2)
      activesupport (= 4.0.0)
      arel (~> 4.0.0)
    activerecord-deprecated_finders (1.0.3)
    activesupport (4.0.0)
      i18n (~> 0.6, >= 0.6.4)
      minitest (~> 4.2)
      multi_json (~> 1.3)
      thread_safe (~> 0.1)
      tzinfo (~> 0.3.37)
    addressable (2.3.5)
    annotate (2.5.0)
      rake
    arel (4.0.1)
    atomic (1.1.14)
    bcrypt-ruby (3.1.2)
    bootstrap-sass (2.3.1.3)
      sass (~> 3.2)
    builder (3.1.4)
    capybara (2.0.3)
      mime-types (>= 1.16)
      nokogiri (>= 1.3.3)
      rack (>= 1.0.0)
      rack-test (>= 0.5.4)
      selenium-webdriver (~> 2.0)
      xpath (~> 1.0.0)
    capybara-webkit (0.14.2)
      capybara (~> 2.0, >= 2.0.2)
      json
    childprocess (0.3.9)
      ffi (~> 1.0, >= 1.0.11)
    coffee-rails (4.0.1)
      coffee-script (>= 2.2.0)
      railties (>= 4.0.0, < 5.0)
    coffee-script (2.2.0)
      coffee-script-source
      execjs
    coffee-script-source (1.6.3)
    crack (0.4.1)
      safe_yaml (~> 0.9.0)
    database_cleaner (1.2.0)
    erubis (2.7.0)
    execjs (2.0.2)
    faraday (0.8.8)
      multipart-post (~> 1.2.0)
    ffi (1.9.3)
    figaro (0.7.0)
      bundler (~> 1.0)
      rails (>= 3, < 5)
    hike (1.2.3)
    http_logger (0.4.2)
    httparty (0.12.0)
      json (~> 1.8)
      multi_xml (>= 0.5.2)
    httpauth (0.2.0)
    i18n (0.6.5)
    jbuilder (1.0.2)
      activesupport (>= 3.0.0)
    jquery-rails (3.0.4)
      railties (>= 3.0, < 5.0)
      thor (>= 0.14, < 2.0)
    jquery-turbolinks (2.0.1)
      railties (>= 3.1.0)
      turbolinks
    json (1.8.1)
    jwt (0.1.8)
      multi_json (>= 1.5)
    launchy (2.4.0)
      addressable (~> 2.3)
    mail (2.5.4)
      mime-types (~> 1.16)
      treetop (~> 1.4.8)
    mime-types (1.25.1)
    mini_portile (0.5.2)
    minitest (4.7.5)
    multi_json (1.8.2)
    multi_xml (0.5.5)
    multipart-post (1.2.0)
    newrelic_rpm (3.6.9.171)
    nokogiri (1.6.0)
      mini_portile (~> 0.5.0)
    oauth (0.4.7)
    oauth2 (0.9.2)
      faraday (~> 0.8)
      httpauth (~> 0.2)
      jwt (~> 0.1.4)
      multi_json (~> 1.0)
      multi_xml (~> 0.5)
      rack (~> 1.2)
    pg (0.17.0)
    polyglot (0.3.3)
    puma (2.6.0)
      rack (>= 1.1, < 2.0)
    quiet_assets (1.0.2)
      railties (>= 3.1, < 5.0)
    rack (1.5.2)
    rack-protection (1.5.1)
      rack
    rack-test (0.6.2)
      rack (>= 1.0)
    rails (4.0.0)
      actionmailer (= 4.0.0)
      actionpack (= 4.0.0)
      activerecord (= 4.0.0)
      activesupport (= 4.0.0)
      bundler (>= 1.3.0, < 2.0)
      railties (= 4.0.0)
      sprockets-rails (~> 2.0.0)
    railties (4.0.0)
      actionpack (= 4.0.0)
      activesupport (= 4.0.0)
      rake (>= 0.8.7)
      thor (>= 0.18.1, < 2.0)
    rake (10.1.0)
    rubyzip (1.0.0)
    safe_yaml (0.9.7)
    sass (3.2.12)
    sass-rails (4.0.1)
      railties (>= 4.0.0, < 5.0)
      sass (>= 3.1.10)
      sprockets-rails (~> 2.0.0)
    selenium-webdriver (2.37.0)
      childprocess (>= 0.2.5)
      multi_json (~> 1.0)
      rubyzip (~> 1.0.0)
      websocket (~> 1.0.4)
    sinatra (1.4.4)
      rack (~> 1.4)
      rack-protection (~> 1.4)
      tilt (~> 1.3, >= 1.3.4)
    sprockets (2.10.1)
      hike (~> 1.2)
      multi_json (~> 1.0)
      rack (~> 1.0)
      tilt (~> 1.1, != 1.3.0)
    sprockets-rails (2.0.1)
      actionpack (>= 3.0)
      activesupport (>= 3.0)
      sprockets (~> 2.8)
    thor (0.18.1)
    thread_safe (0.1.3)
      atomic
    tilt (1.4.1)
    treetop (1.4.15)
      polyglot
      polyglot (>= 0.3.1)
    turbolinks (1.3.1)
      coffee-rails
    tzinfo (0.3.38)
    uglifier (2.3.1)
      execjs (>= 0.3.0)
      json (>= 1.8.0)
    webmock (1.16.0)
      addressable (>= 2.2.7)
      crack (>= 0.3.2)
    websocket (1.0.7)
    xpath (1.0.0)
      nokogiri (~> 1.3)

PLATFORMS
  ruby

DEPENDENCIES
  annotate (~> 2.5.0)
  bootstrap-sass (~> 2.3.1.0)
  capybara (~> 2.0.2)
  capybara-webkit (~> 0.14.2)
  coffee-rails (~> 4.0.0)
  database_cleaner
  figaro
  http_logger
  httparty
  jbuilder (~> 1.0.1)
  jquery-rails
  jquery-turbolinks
  launchy
  letter_opener!
  nested_form!
  newrelic_rpm
  pg
  puma
  quiet_assets (>= 1.0.1)
  rails (= 4.0.0)
  rails3_serve_static_assets!
  rails_log_stdout!
  rolify!
  sass-rails (~> 4.0.0)
  simple_form!
  sinatra
  sorcery!
  turbolinks
  uglifier (>= 1.0.3)
  webmock
